STORAGE: NONE
RESTRICTION: || (== netcoreapp3.0) (== netstandard2.1)
NUGET
  remote: https://api.nuget.org/v3/index.json
    FSharp.Core (4.7)

GROUP tests
STORAGE: NONE
RESTRICTION: || (== netcoreapp3.0) (== netstandard2.1)
NUGET
  remote: https://api.nuget.org/v3/index.json
    coverlet.collector (1.0.1)
    FSharp.Core (4.7)
    Microsoft.CodeCoverage (16.4) - restriction: || (== netcoreapp3.0) (&& (== netstandard2.1) (>= net45)) (&& (== netstandard2.1) (>= netcoreapp1.0))
    Microsoft.NET.Test.Sdk (16.2)
      Microsoft.CodeCoverage (>= 16.2) - restriction: || (== netcoreapp3.0) (&& (== netstandard2.1) (>= net45)) (&& (== netstandard2.1) (>= netcoreapp1.0))
      Microsoft.TestPlatform.TestHost (>= 16.2) - restriction: || (== netcoreapp3.0) (&& (== netstandard2.1) (>= netcoreapp1.0))
    Microsoft.TestPlatform.ObjectModel (16.4) - restriction: || (== netcoreapp3.0) (&& (== netstandard2.1) (>= netcoreapp1.0) (>= uap10.0)) (&& (== netstandard2.1) (>= netcoreapp2.1))
      NuGet.Frameworks (>= 5.0)
    Microsoft.TestPlatform.TestHost (16.4) - restriction: || (== netcoreapp3.0) (&& (== netstandard2.1) (>= netcoreapp1.0))
      Microsoft.TestPlatform.ObjectModel (>= 16.4) - restriction: || (== netcoreapp3.0) (&& (== netstandard2.1) (>= netcoreapp2.1)) (&& (== netstandard2.1) (>= uap10.0))
      Newtonsoft.Json (>= 9.0.1) - restriction: || (== netcoreapp3.0) (&& (== netstandard2.1) (>= netcoreapp2.1)) (&& (== netstandard2.1) (>= uap10.0))
    Newtonsoft.Json (12.0.3) - restriction: || (== netcoreapp3.0) (&& (== netstandard2.1) (>= netcoreapp1.0) (>= uap10.0)) (&& (== netstandard2.1) (>= netcoreapp2.1))
    NuGet.Frameworks (5.4) - restriction: || (== netcoreapp3.0) (&& (== netstandard2.1) (>= netcoreapp1.0) (>= uap10.0)) (&& (== netstandard2.1) (>= netcoreapp2.1))
    Unquote (5.0)
      FSharp.Core (>= 4.6.2)
    xunit (2.4)
      xunit.analyzers (>= 0.10)
      xunit.assert (2.4)
      xunit.core (2.4)
    xunit.abstractions (2.0.3)
    xunit.analyzers (0.10)
    xunit.assert (2.4)
    xunit.core (2.4)
      xunit.extensibility.core (2.4)
      xunit.extensibility.execution (2.4)
    xunit.extensibility.core (2.4)
      xunit.abstractions (>= 2.0.2)
    xunit.extensibility.execution (2.4)
      xunit.extensibility.core (2.4)
    xunit.runner.visualstudio (2.4)
      Microsoft.NET.Test.Sdk (>= 15.0) - restriction: || (== netcoreapp3.0) (&& (== netstandard2.1) (>= netcoreapp1.0))
